GEM
  remote: https://rubygems.org/
  specs:
    rake (13.2.1)

PLATFORMS
  x64-mingw-ucrt

DEPENDENCIES
  rake

BUNDLED WITH
   2.5.21
